GEM
  remote: http://rubygems.org/
  remote: http://osg-ci.vm.griddynamics.net:9292/
  specs:
    builder (3.2.2)
    cucumber (1.3.16)
      builder (>= 2.1.2)
      diff-lcs (>= 1.1.3)
      gherkin (~> 2.12)
      multi_json (>= 1.7.5, < 2.0)
      multi_test (>= 0.1.1)
    diff-lcs (1.2.5)
    genesis_client (0.1.8)
      httparty
      json
    gherkin (2.12.2)
      multi_json (~> 1.3)
    gherkin (2.12.2-java)
      multi_json (~> 1.3)
    httparty (0.13.1)
      json (~> 1.8)
      multi_xml (>= 0.5.2)
    json (1.8.1)
    json (1.8.1-java)
    multi_json (1.10.1)
    multi_test (0.1.1)
    multi_xml (0.5.5)
    rake (10.3.2)
    rspec (2.99.0)
      rspec-core (~> 2.99.0)
      rspec-expectations (~> 2.99.0)
      rspec-mocks (~> 2.99.0)
    rspec-core (2.99.2)
    rspec-expectations (2.99.2)
      diff-lcs (>= 1.1.3, < 2.0)
    rspec-mocks (2.99.2)

PLATFORMS
  java
  ruby

DEPENDENCIES
  cucumber (~> 1.3)
  genesis_client (~> 0.1)
  httparty
  json
  rake
  rspec (~> 2)
