GEM
  remote: http://rubygems.org/
  remote: http://osg-ci.vm.griddynamics.net:9292/
  specs:
    builder (3.2.0)
    cucumber (1.2.3)
      builder (>= 2.1.2)
      diff-lcs (>= 1.1.3)
      gherkin (~> 2.11.6)
      multi_json (~> 1.3)
    diff-lcs (1.2.1)
    genesis_client (0.1.6)
      httparty
      json
    gherkin (2.11.6)
      json (>= 1.7.6)
    gherkin (2.11.6-java)
      json (>= 1.7.6)
    httparty (0.10.2)
      multi_json (~> 1.0)
      multi_xml (>= 0.5.2)
    json (1.7.7)
    json (1.7.7-java)
    multi_json (1.7.2)
    multi_xml (0.5.3)
    rake (10.0.4)
    rspec (2.13.0)
      rspec-core (~> 2.13.0)
      rspec-expectations (~> 2.13.0)
      rspec-mocks (~> 2.13.0)
    rspec-core (2.13.1)
    rspec-expectations (2.13.0)
      diff-lcs (>= 1.1.3, < 2.0)
    rspec-mocks (2.13.0)

PLATFORMS
  java
  ruby

DEPENDENCIES
  cucumber
  genesis_client (~> 0.1)
  httparty
  json
  rake
  rspec
