PATH
  remote: /Users/sreentenko/wrk/OpenGenesis/test-automation/ruby-api/genesis_client
  specs:
    genesis_client (0.2.0)
      httparty
      json

GEM
  remote: http://rubygems.org/
  remote: http://osg-ci.vm.griddynamics.net:9292/
  specs:
    builder (3.2.2)
    cucumber (1.3.2)
      builder (>= 2.1.2)
      diff-lcs (>= 1.1.3)
      gherkin (~> 2.12.0)
      multi_json (~> 1.3)
    diff-lcs (1.2.4)
    gherkin (2.12.0)
      multi_json (~> 1.3)
    gherkin (2.12.0-java)
      multi_json (~> 1.3)
    httparty (0.11.0)
      multi_json (~> 1.0)
      multi_xml (>= 0.5.2)
    json (1.8.0)
    json (1.8.0-java)
    multi_json (1.7.7)
    multi_xml (0.5.4)
    rake (10.1.0)
    rspec (2.13.0)
      rspec-core (~> 2.13.0)
      rspec-expectations (~> 2.13.0)
      rspec-mocks (~> 2.13.0)
    rspec-core (2.13.1)
    rspec-expectations (2.13.0)
      diff-lcs (>= 1.1.3, < 2.0)
    rspec-mocks (2.13.1)

PLATFORMS
  java
  ruby

DEPENDENCIES
  cucumber
  genesis_client (~> 0.2)!
  httparty
  json
  rake
  rspec
